GEM
  remote: https://rubygems.org/
  specs:
    kramdown (1.3.1)

PLATFORMS
  ruby

DEPENDENCIES
  kramdown
